GEM
  remote: https://rubygems.org/
  specs:
    colorize (0.5.8)
    motion-bundler (0.1.3)
      colorize

PLATFORMS
  ruby

DEPENDENCIES
  motion-bundler
